GEM
  remote: https://rubygems.org/
  specs:
    awesome_print (1.9.2)
    bigdecimal (3.1.8)
    coderay (1.1.3)
    method_source (1.1.0)
    polars-df (0.15.0-aarch64-linux)
      bigdecimal
    polars-df (0.15.0-aarch64-linux-musl)
      bigdecimal
    polars-df (0.15.0-arm64-darwin)
      bigdecimal
    polars-df (0.15.0-x86_64-darwin)
      bigdecimal
    polars-df (0.15.0-x86_64-linux)
      bigdecimal
    polars-df (0.15.0-x86_64-linux-musl)
      bigdecimal
    pry (0.15.0)
      coderay (~> 1.1)
      method_source (~> 1.0)

PLATFORMS
  aarch64-linux
  aarch64-linux-musl
  arm64-darwin
  x86_64-darwin
  x86_64-linux
  x86_64-linux-musl

DEPENDENCIES
  awesome_print
  polars-df
  pry

BUNDLED WITH
   2.5.22
