GEM
  remote: https://rubygems.org/
  specs:
    memo_wise (1.10.0)

PLATFORMS
  ruby
  x86_64-linux

DEPENDENCIES
  memo_wise

BUNDLED WITH
   2.5.22
