GEM
  remote: https://rubygems.org/
  specs:
    bigdecimal (3.1.8)
    coderay (1.1.3)
    method_source (1.1.0)
    polars-df (0.15.0)
      bigdecimal
      rb_sys
    polars-df (0.15.0-x86_64-linux)
      bigdecimal
    pry (0.15.0)
      coderay (~> 1.1)
      method_source (~> 1.0)
    rb_sys (0.9.103)

PLATFORMS
  ruby
  x86_64-linux

DEPENDENCIES
  polars-df
  pry

BUNDLED WITH
   2.5.22
